GIT
  remote: https://github.com/cyberarm/ffi-enet.git
  revision: ed4e05fc4ceb7ba57d489556b0dc7e57a6cf10a4
  specs:
    ffi-enet (0.1.0)
      ffi (~> 1.15)

GEM
  remote: https://rubygems.org/
  specs:
    cyberarm_engine (0.23.0)
      excon (~> 0.88)
      gosu (~> 1.1)
      gosu_more_drawables (~> 0.3)
    digest-crc (0.6.4)
      rake (>= 12.0.0, < 14.0.0)
    excon (0.99.0)
    ffi (1.15.5)
    gosu (1.4.6)
    gosu_more_drawables (0.3.1)
    rake (13.0.6)

PLATFORMS
  x64-mingw-ucrt
  x86_64-linux

DEPENDENCIES
  cyberarm_engine
  digest-crc
  ffi-enet!

BUNDLED WITH
   2.4.13
