GEM
  remote: https://rubygems.org/
  specs:
    cyberarm_engine (0.23.0)
      excon (~> 0.88)
      gosu (~> 1.1)
      gosu_more_drawables (~> 0.3)
    digest-crc (0.6.4)
      rake (>= 12.0.0, < 14.0.0)
    excon (0.99.0)
    gosu (1.4.6)
    gosu_more_drawables (0.3.1)
    rake (13.0.6)

PLATFORMS
  x64-mingw-ucrt

DEPENDENCIES
  cyberarm_engine
  digest-crc

BUNDLED WITH
   2.4.13
