GIT
  remote: https://github.com/cyberarm/ffi-enet.git
  revision: 3a695ca3a323e70af79e96ca3f389e618c5b6d2c
  specs:
    ffi-enet (0.1.0)
      ffi (~> 1.15)

GEM
  remote: https://rubygems.org/
  specs:
    cyberarm_engine (0.24.4)
      gosu (~> 1.1)
    digest-crc (0.6.5)
      rake (>= 12.0.0, < 14.0.0)
    ffi (1.16.3)
    gosu (1.4.6)
    rake (13.1.0)

PLATFORMS
  x64-mingw-ucrt
  x86_64-linux

DEPENDENCIES
  cyberarm_engine
  digest-crc
  ffi-enet!

BUNDLED WITH
   2.4.13
